GEM
  remote: https://rubygems.org/
  specs:
    ansi (1.5.0)
    ast (2.0.0)
    awesome_print (1.6.1)
    byebug (4.0.5)
      columnize (= 0.9.0)
    celluloid (0.17.0.pre15)
      bundler
      celluloid-essentials
      celluloid-extras
      celluloid-fsm
      celluloid-pool
      celluloid-supervision
      dotenv
      nenv
      rspec-logsplit (>= 0.1.2)
      timers (~> 4.0.0)
    celluloid-essentials (0.20.0.pre17)
      bundler
      dotenv
      nenv
      rspec-logsplit (>= 0.1.2)
      timers (~> 4.0.0)
    celluloid-extras (0.1.4)
      bundler
      dotenv
      nenv
      rspec-logsplit (>= 0.1.2)
      timers (~> 4.0.0)
    celluloid-fsm (0.9.0.pre13)
      bundler
      dotenv
      nenv
      rspec-logsplit (>= 0.1.2)
      timers (~> 4.0.0)
    celluloid-pool (0.11.0.pre1)
      bundler
      dotenv
      nenv
      rspec-logsplit (>= 0.1.2)
      timers (~> 4.0.0)
    celluloid-supervision (0.20.0.pre6)
      bundler
      dotenv
      nenv
      rspec-logsplit (>= 0.1.2)
      timers (~> 4.0.0)
    coderay (1.1.0)
    columnize (0.9.0)
    dotenv (2.0.1)
    excon (0.45.3)
    foreman (0.78.0)
      thor (~> 0.19.1)
    hitimes (1.2.2)
    logger (1.2.8)
    method_source (0.8.2)
    nenv (0.2.0)
    oga (1.0.1)
      ast
      ruby-ll (~> 2.1)
    pry (0.10.1)
      coderay (~> 1.1.0)
      method_source (~> 0.8.1)
      slop (~> 3.4)
    pry-byebug (3.1.0)
      byebug (~> 4.0)
      pry (~> 0.10)
    redis (3.2.1)
    rspec-logsplit (0.1.3)
    ruby-ll (2.1.1)
      ansi
      ast
    slop (3.6.0)
    thor (0.19.1)
    timers (4.0.1)
      hitimes

PLATFORMS
  ruby

DEPENDENCIES
  awesome_print
  celluloid
  excon
  foreman
  logger
  oga
  pry-byebug
  redis
