GEM
  remote: https://rubygems.org/
  specs:
    awesome_print (1.6.1)
    byebug (4.0.5)
      columnize (= 0.9.0)
    coderay (1.1.0)
    columnize (0.9.0)
    excon (0.45.3)
    foreman (0.78.0)
      thor (~> 0.19.1)
    logger (1.2.8)
    method_source (0.8.2)
    mini_portile (0.6.2)
    nokogiri (1.6.6.2)
      mini_portile (~> 0.6.0)
    pry (0.10.1)
      coderay (~> 1.1.0)
      method_source (~> 0.8.1)
      slop (~> 3.4)
    pry-byebug (3.1.0)
      byebug (~> 4.0)
      pry (~> 0.10)
    redis (3.2.1)
    slop (3.6.0)
    thor (0.19.1)

PLATFORMS
  ruby

DEPENDENCIES
  awesome_print
  excon
  foreman
  logger
  nokogiri
  pry-byebug
  redis
